GEM
  remote: https://rubygems.org/
  specs:
    crass (1.0.2)
    mini_portile2 (2.1.0)
    moji (1.6)
    nokogiri (1.6.8)
      mini_portile2 (~> 2.1.0)
      pkg-config (~> 1.1.7)
    nokogumbo (1.4.7)
      nokogiri
    pkg-config (1.1.7)
    prettyprint (0.0.1)
      thor
    sanitize (4.0.1)
      crass (~> 1.0.2)
      nokogiri (>= 1.4.4)
      nokogumbo (~> 1.4.1)
    thor (0.19.1)

PLATFORMS
  ruby

DEPENDENCIES
  moji
  nokogiri
  prettyprint
  sanitize

BUNDLED WITH
   1.11.2
